GEM
  remote: http://rubygems.org/
  specs:
    SystemTimer (1.2.3)
    activemodel (3.0.7)
      activesupport (= 3.0.7)
      builder (~> 2.1.2)
      i18n (~> 0.5.0)
    activesupport (3.0.7)
    backports (1.18.2)
    bson (1.3.1)
    bson_ext (1.3.1)
    builder (2.1.2)
    i18n (0.5.0)
    json (1.5.3)
    mail (2.2.6.1)
      activesupport (>= 2.3.6)
      mime-types
      treetop (>= 1.4.5)
    mime-types (1.16)
    mongo (1.3.1)
      bson (>= 1.3.1)
    mongoid (2.0.2)
      activemodel (~> 3.0)
      mongo (~> 1.3)
      tzinfo (~> 0.3.22)
    monkey-lib (0.5.4)
      backports
    nokogiri (1.4.4)
    patron (0.4.11)
    polyglot (0.3.1)
    pony (1.0.1)
      mail (> 2.0)
    rack (1.3.0)
    rubberband (0.0.12)
      patron
      yajl-ruby
    ruby-hmac (0.4.0)
    sinatra (1.2.6)
      rack (~> 1.1)
      tilt (>= 1.2.2, < 2.0)
    sinatra-advanced-routes (0.5.1)
      monkey-lib (~> 0.5.0)
      sinatra (~> 1.0)
      sinatra-sugar (~> 0.5.0)
    sinatra-reloader (0.5.0)
      sinatra (~> 1.0)
      sinatra-advanced-routes (~> 0.5.0)
    sinatra-sugar (0.5.0)
      monkey-lib (~> 0.5.0)
      sinatra (~> 1.0)
    sunlight (1.1.0)
      json (>= 1.1.3)
      ym4r (>= 0.6.1)
    tilt (1.3.1)
    treetop (1.4.8)
      polyglot (>= 0.3.1)
    tzinfo (0.3.23)
    wirble (0.1.3)
    yajl-ruby (0.8.2)
    ym4r (0.6.1)

PLATFORMS
  ruby

DEPENDENCIES
  SystemTimer (= 1.2.3)
  bson_ext (= 1.3.1)
  json (= 1.5.3)
  mongo (= 1.3.1)
  mongoid (= 2.0.2)
  nokogiri (= 1.4.4)
  pony (= 1.0.1)
  rubberband (= 0.0.12)
  ruby-hmac (= 0.4.0)
  sinatra (= 1.2.6)
  sinatra-reloader (= 0.5.0)
  sunlight (= 1.1.0)
  tzinfo (= 0.3.23)
  wirble
