GEM
  remote: http://rubygems.org/
  specs:
    SystemTimer (1.2.3)
    activemodel (3.0.10)
      activesupport (= 3.0.10)
      builder (~> 2.1.2)
      i18n (~> 0.5.0)
    activesupport (3.0.10)
    backports (2.3.0)
    bson (1.4.0)
    bson_ext (1.4.0)
    builder (2.1.2)
    crack (0.1.8)
    curb (0.7.15)
    fastercsv (1.5.4)
    feedzirra (0.1.1)
      activesupport (>= 3.0.8)
      builder (~> 2.1.2)
      curb (~> 0.7.15)
      i18n (>= 0.5.0)
      loofah (~> 1.2.0)
      nokogiri (~> 1.4.4)
      rake (>= 0.9.2)
      rdoc (~> 3.8)
      sax-machine (~> 0.1.0)
    httparty (0.7.8)
      crack (= 0.1.8)
    i18n (0.5.0)
    json (1.5.3)
    kgio (2.7.2)
    loofah (1.2.0)
      nokogiri (>= 1.4.4)
    mail (2.3.0)
      i18n (>= 0.4.0)
      mime-types (~> 1.16)
      treetop (~> 1.4.8)
    mime-types (1.16)
    mongo (1.4.0)
      bson (= 1.4.0)
    mongoid (2.0.2)
      activemodel (~> 3.0)
      mongo (~> 1.3)
      tzinfo (~> 0.3.22)
    monkey-lib (0.5.4)
      backports
    nokogiri (1.4.4)
    patron (0.4.16)
    polyglot (0.3.2)
    pony (1.0.1)
      mail (> 2.0)
    rack (1.3.2)
    raindrops (0.8.0)
    rake (0.9.2.2)
    rdoc (3.10)
      json (~> 1.4)
    rubberband (0.1.5)
      patron
      yajl-ruby
    ruby-hmac (0.4.0)
    sax-machine (0.1.0)
      nokogiri (> 0.0.0)
    sinatra (1.2.6)
      rack (~> 1.1)
      tilt (>= 1.2.2, < 2.0)
    sinatra-advanced-routes (0.5.1)
      monkey-lib (~> 0.5.0)
      sinatra (~> 1.0)
      sinatra-sugar (~> 0.5.0)
    sinatra-reloader (0.5.0)
      sinatra (~> 1.0)
      sinatra-advanced-routes (~> 0.5.0)
    sinatra-sugar (0.5.1)
      monkey-lib (~> 0.5.0)
      sinatra (~> 1.0)
    sunlight (1.1.0)
      json (>= 1.1.3)
      ym4r (>= 0.6.1)
    tilt (1.3.3)
    treetop (1.4.10)
      polyglot
      polyglot (>= 0.3.1)
    tzinfo (0.3.23)
    unicorn (4.2.0)
      kgio (~> 2.6)
      rack
      raindrops (~> 0.7)
    wirble (0.1.3)
    yajl-ruby (1.1.0)
    ym4r (0.6.1)

PLATFORMS
  ruby

DEPENDENCIES
  SystemTimer (= 1.2.3)
  bson_ext (= 1.4.0)
  curb (= 0.7.15)
  fastercsv
  feedzirra (= 0.1.1)
  httparty (= 0.7.8)
  json (= 1.5.3)
  mongo (= 1.4.0)
  mongoid (= 2.0.2)
  nokogiri (= 1.4.4)
  pony (= 1.0.1)
  rack (= 1.3.2)
  rake (= 0.9.2.2)
  rubberband (= 0.1.5)
  ruby-hmac (= 0.4.0)
  sinatra (= 1.2.6)
  sinatra-reloader (= 0.5.0)
  sunlight (= 1.1.0)
  tzinfo (= 0.3.23)
  unicorn
  wirble
