GEM
  remote: https://rubygems.org/
  specs:
    activemodel (3.2.15)
      activesupport (= 3.2.15)
      builder (~> 3.0.0)
    activesupport (3.2.15)
      i18n (~> 0.6, >= 0.6.4)
      multi_json (~> 1.0)
    builder (3.0.4)
    curb (0.8.1)
    docsplit (0.6.3)
    elasticsearch (1.0.1)
      elasticsearch-api (= 1.0.1)
      elasticsearch-transport (= 1.0.1)
    elasticsearch-api (1.0.1)
      multi_json
    elasticsearch-transport (1.0.1)
      faraday
      multi_json
    ethon (0.7.0)
      ffi (>= 1.3.0)
    faraday (0.8.8)
      multipart-post (~> 1.2.0)
    ffi (1.9.3)
    i18n (0.6.5)
    kgio (2.8.1)
    mail (2.5.4)
      mime-types (~> 1.16)
      treetop (~> 1.4.8)
    mime-types (1.25)
    mongoid (3.0.14)
      activemodel (~> 3.1)
      moped (~> 1.1)
      origin (~> 1.0)
      tzinfo (~> 0.3.22)
    moped (1.5.1)
    multi_json (1.8.2)
    multipart-post (1.2.0)
    nokogiri (1.5.5)
    oj (1.3.0)
    origin (1.1.0)
    paint (0.8.6)
    polyglot (0.3.3)
    pony (1.0.1)
      mail (> 2.0)
    rack (1.5.2)
    rack-protection (1.5.2)
      rack
    raindrops (0.12.0)
    ruby-hmac (0.4.0)
    safe_yaml (0.9.7)
    sinatra (1.4.4)
      rack (~> 1.4)
      rack-protection (~> 1.4)
      tilt (~> 1.3, >= 1.3.4)
    sinatra-cross_origin (0.2.0)
    tilt (1.4.1)
    treetop (1.4.15)
      polyglot
      polyglot (>= 0.3.1)
    typhoeus (0.6.8)
      ethon (>= 0.7.0)
    tzinfo (0.3.23)
    unicorn (4.6.3)
      kgio (~> 2.6)
      rack
      raindrops (~> 0.7)
    us-documents (0.3.0)
      nokogiri
    wirb (1.0.2)
      paint
    yajl-ruby (1.1.0)

PLATFORMS
  ruby

DEPENDENCIES
  curb (= 0.8.1)
  docsplit (= 0.6.3)
  elasticsearch (~> 1.0)
  mongoid (= 3.0.14)
  nokogiri (= 1.5.5)
  oj (~> 1.0)
  paint
  pony (~> 1.0)
  rack
  ruby-hmac (~> 0.4)
  safe_yaml
  sinatra (~> 1.0)
  sinatra-cross_origin
  typhoeus
  tzinfo (~> 0.3)
  unicorn
  us-documents
  wirb
  yajl-ruby (~> 1.1)
