GEM
  remote: https://rubygems.org/
  specs:
    activemodel (3.2.9)
      activesupport (= 3.2.9)
      builder (~> 3.0.0)
    activesupport (3.2.9)
      i18n (~> 0.6)
      multi_json (~> 1.0)
    builder (3.0.4)
    curb (0.8.1)
    docsplit (0.6.3)
    faraday (0.8.4)
      multipart-post (~> 1.1)
    i18n (0.6.1)
    kgio (2.7.4)
    mail (2.4.4)
      i18n (>= 0.4.0)
      mime-types (~> 1.16)
      treetop (~> 1.4.8)
    mime-types (1.19)
    mongoid (3.0.14)
      activemodel (~> 3.1)
      moped (~> 1.1)
      origin (~> 1.0)
      tzinfo (~> 0.3.22)
    moped (1.3.0)
    multi_json (1.3.7)
    multipart-post (1.1.5)
    nokogiri (1.5.5)
    oj (1.3.0)
    origin (1.0.11)
    paint (0.8.5)
    polyglot (0.3.3)
    pony (1.0.1)
      mail (> 2.0)
    rack (1.4.1)
    rack-protection (1.2.0)
      rack
    raindrops (0.10.0)
    rake (0.9.2.2)
    rubberband (0.9.5)
      faraday (~> 0.8.0)
      multi_json
    ruby-hmac (0.4.0)
    safe_yaml (0.6.1)
    sinatra (1.3.3)
      rack (~> 1.3, >= 1.3.6)
      rack-protection (~> 1.2)
      tilt (~> 1.3, >= 1.3.3)
    sinatra-cross_origin (0.2.0)
    tilt (1.3.3)
    treetop (1.4.10)
      polyglot
      polyglot (>= 0.3.1)
    tzinfo (0.3.23)
    unicorn (4.3.1)
      kgio (~> 2.6)
      rack
      raindrops (~> 0.7)
    us-documents (0.2.0)
      nokogiri
    wirb (0.5.0)
    yajl-ruby (1.1.0)

PLATFORMS
  ruby

DEPENDENCIES
  curb (= 0.8.1)
  docsplit (= 0.6.3)
  mongoid (= 3.0.14)
  nokogiri (= 1.5.5)
  oj (= 1.3.0)
  paint
  pony (= 1.0.1)
  rack (= 1.4.1)
  rake (= 0.9.2.2)
  rubberband (= 0.9.5)
  ruby-hmac (= 0.4.0)
  safe_yaml
  sinatra (= 1.3.3)
  sinatra-cross_origin
  tzinfo (= 0.3.23)
  unicorn
  us-documents
  wirb
  yajl-ruby (= 1.1.0)
